GEM
  remote: https://rubygems.org/
  specs:

PLATFORMS
  arm64-darwin-20
  ruby

DEPENDENCIES

BUNDLED WITH
   2.6.8
